GEM
  remote: https://rubygems.org/
  specs:
    curb (0.8.8)
    json (1.8.3)
    mysql (2.9.1)
    sequel (4.28.0)

PLATFORMS
  ruby

DEPENDENCIES
  curb
  json
  mysql
  sequel

BUNDLED WITH
   1.10.6
